GEM
  remote: https://rubygems.org/
  specs:
    psych (2.1.0)

PLATFORMS
  ruby

DEPENDENCIES
  psych

BUNDLED WITH
   1.14.4
